GEM
  remote: https://rubygems.org/
  specs:
    rack (3.0.7)
    roda (3.68.0)
      rack
    sequel (5.69.0)
    sqlite3 (1.6.3-x86_64-linux)

PLATFORMS
  x86_64-linux

DEPENDENCIES
  roda
  sequel
  sqlite3

RUBY VERSION
   ruby 3.2.0p0

BUNDLED WITH
   2.4.1
